GEM
  remote: https://rubygems.org/
  specs:
    sequel (4.42.1)
    sqlite3 (1.3.13)

PLATFORMS
  ruby

DEPENDENCIES
  sequel
  sqlite3

BUNDLED WITH
   1.13.6
